BrainVision Data Exchange Header File Version 1.0
; Data created by the BrainVision Recorder

[Common Infos]
Codepage=UTF-8
DataFile=cogassess_03.eeg
MarkerFile=cogassess_03.vmrk
DataFormat=BINARY
; Data orientation: MULTIPLEXED=ch1,pt1, ch2,pt1 ...
DataOrientation=MULTIPLEXED
NumberOfChannels=31
; Sampling interval in microseconds
SamplingInterval=2000

[Binary Infos]
BinaryFormat=IEEE_FLOAT_32

[Channel Infos]
; Each entry: Ch<Channel number>=<Name>,<Reference channel name>,
; <Resolution in "Unit">,<Unit>, Future extensions..
; Fields are delimited by commas, some fields might be omitted (empty).
; Commas in channel names are coded as "\1".
Ch1=Fp1,,0.0488281,µV
Ch2=Fp2,,0.0488281,µV
Ch3=F7,,0.0488281,µV
Ch4=F3,,0.0488281,µV
Ch5=Fz,,0.0488281,µV
Ch6=F4,,0.0488281,µV
Ch7=F8,,0.0488281,µV
Ch8=FC5,,0.0488281,µV
Ch9=FC1,,0.0488281,µV
Ch10=FCz,,0.0488281,µV
Ch11=FC2,,0.0488281,µV
Ch12=FC6,,0.0488281,µV
Ch13=T7,,0.0488281,µV
Ch14=C3,,0.0488281,µV
Ch15=Cz,,0.0488281,µV
Ch16=C4,,0.0488281,µV
Ch17=T8,,0.0488281,µV
Ch18=CP5,,0.0488281,µV
Ch19=CP1,,0.0488281,µV
Ch20=CP2,,0.0488281,µV
Ch21=CP6,,0.0488281,µV
Ch22=TP9,,0.0488281,µV
Ch23=TP10,,0.0488281,µV
Ch24=P3,,0.0488281,µV
Ch25=Pz,,0.0488281,µV
Ch26=P4,,0.0488281,µV
Ch27=PO3,,0.0488281,µV
Ch28=POz,,0.0488281,µV
Ch29=PO4,,0.0488281,µV
Ch30=O1,,0.0488281,µV
Ch31=O2,,0.0488281,µV

[Comment]

BrainVision Recorder Professional   -   V. 1.23.0003


A m p l i f i e r  S e t u p
============================
Number of channels: 31
Sampling Rate [Hz]: 500
Sampling Interval [µS]: 2000

Channels
--------
#     Name      Phys. Chn.    Resolution / Unit   Low Cutoff [s]   High Cutoff [Hz]   Notch [Hz]    Gradient         Offset
1     Fp1         1          0.0488281 µV             DC              140              Off
2     Fp2         32         0.0488281 µV             DC              140              Off
3     F7          4          0.0488281 µV             DC              140              Off
4     F3          3          0.0488281 µV             DC              140              Off
5     Fz          2          0.0488281 µV             DC              140              Off
6     F4          29         0.0488281 µV             DC              140              Off
7     F8          30         0.0488281 µV             DC              140              Off
8     FC5         5          0.0488281 µV             DC              140              Off
9     FC1         6          0.0488281 µV             DC              140              Off
10    FCz         28         0.0488281 µV             DC              140              Off
11    FC2         27         0.0488281 µV             DC              140              Off
12    FC6         26         0.0488281 µV             DC              140              Off
13    T7          9          0.0488281 µV             DC              140              Off
14    C3          8          0.0488281 µV             DC              140              Off
15    Cz          7          0.0488281 µV             DC              140              Off
16    C4          24         0.0488281 µV             DC              140              Off
17    T8          25         0.0488281 µV             DC              140              Off
18    CP5         11         0.0488281 µV             DC              140              Off
19    CP1         12         0.0488281 µV             DC              140              Off
20    CP2         23         0.0488281 µV             DC              140              Off
21    CP6         22         0.0488281 µV             DC              140              Off
22    TP9         10         0.0488281 µV             DC              140              Off
23    TP10        21         0.0488281 µV             DC              140              Off
24    P3          14         0.0488281 µV             DC              140              Off
25    Pz          13         0.0488281 µV             DC              140              Off
26    P4          19         0.0488281 µV             DC              140              Off
27    PO3         15         0.0488281 µV             DC              140              Off
28    POz         17         0.0488281 µV             DC              140              Off
29    PO4         18         0.0488281 µV             DC              140              Off
30    O1          16         0.0488281 µV             DC              140              Off
31    O2          18         0.0488281 µV             DC              140              Off

Reference Channel Name = AFz
Reference Phys. Chn.   = 31
Use active/dry Electrodes = Yes 
Good Level [kOhms]     = 10
Bad Level [kOhms]      = 50
MY-Button Workspace    = C:\Vision\Workfiles\MYButton

Amplifier 
actiCHamp Base Unit (5002) 
  --- S/N 20010206 --- 

actiCHamp 32 CH Module
  --- Module 1 (5011): S/N 20010405 ---
  --- Module 2 (5011): S/N 20010406 ---
Version: DLL_27.18.06.25, DRV_03.04.01.146, CTRL_104.18.06.25, FPGA_67.00.00.00, DSP_105.19.02.27 


S o f t w a r e  F i l t e r s
==============================
Disabled


No impedance values available at 12:26:06!
